GIT
  remote: git://github.com/bcurren/freshbooks.rb.git
  revision: a6d97ffda3e940e143aee862bae5fa280aa8ca94
  specs:
    bcurren-freshbooks.rb (3.0.23)
      activesupport

GIT
  remote: git://github.com/crjones/wiky.git
  revision: e55aab81ef5476e2aec4bc3a50050cf4c5a7b254
  specs:
    wiky (0.0.1)

GEM
  remote: https://rubygems.org/
  specs:
    POpen4 (0.1.4)
      Platform (>= 0.4.0)
      open4
    Platform (0.4.0)
    actionmailer (3.2.1)
      actionpack (= 3.2.1)
      mail (~> 2.4.0)
    actionpack (3.2.1)
      activemodel (= 3.2.1)
      activesupport (= 3.2.1)
      builder (~> 3.0.0)
      erubis (~> 2.7.0)
      journey (~> 1.0.1)
      rack (~> 1.4.0)
      rack-cache (~> 1.1)
      rack-test (~> 0.6.1)
      sprockets (~> 2.1.2)
    activemodel (3.2.1)
      activesupport (= 3.2.1)
      builder (~> 3.0.0)
    activerecord (3.2.1)
      activemodel (= 3.2.1)
      activesupport (= 3.2.1)
      arel (~> 3.0.0)
      tzinfo (~> 0.3.29)
    activeresource (3.2.1)
      activemodel (= 3.2.1)
      activesupport (= 3.2.1)
    activesupport (3.2.1)
      i18n (~> 0.6)
      multi_json (~> 1.0)
    acts-as-taggable-on (2.3.1)
      rails (~> 3.0)
    acts_as_list (0.1.6)
    arel (3.0.2)
    bcrypt-ruby (3.0.1)
    better_errors (0.5.0)
      coderay (>= 1.0.0)
      erubis (>= 2.6.6)
    binding_of_caller (0.6.8)
    browser (0.1.4)
    builder (3.0.4)
    cancan (1.6.7)
    carrierwave (0.6.2)
      activemodel (>= 3.2.0)
      activesupport (>= 3.2.0)
    chargify_api_ares (0.5.2)
      activeresource (>= 2.3.5)
    cocaine (0.2.1)
    coderay (1.0.8)
    coffee-rails (3.2.2)
      coffee-script (>= 2.2.0)
      railties (~> 3.2.0)
    coffee-script (2.2.0)
      coffee-script-source
      execjs
    coffee-script-source (1.3.3)
    commonjs (0.2.6)
    crocodoc (1.0.0)
      json (~> 1.1)
      rest-client (~> 1.4)
    daemons (1.1.8)
    dalli (2.5.0)
    delayed_job (3.0.3)
      activesupport (~> 3.0)
    delayed_job_active_record (0.3.2)
      activerecord (> 2.1.0)
      delayed_job (~> 3.0.0)
    delayed_job_web (1.1.2)
      activerecord (> 3.0.0)
      delayed_job (> 2.0.3)
      haml (~> 3.1.3)
      rdoc
      sinatra (>= 0.9.2)
    devise (2.2.3)
      bcrypt-ruby (~> 3.0)
      orm_adapter (~> 0.1)
      railties (~> 3.1)
      warden (~> 1.2.1)
    doc_raptor (0.3.2)
      httparty (>= 0.7.0)
    erubis (2.7.0)
    eventmachine (0.12.10)
    excon (0.13.4)
    execjs (1.4.0)
      multi_json (~> 1.0)
    fog (1.3.1)
      builder
      excon (~> 0.13.0)
      formatador (~> 0.2.0)
      mime-types
      multi_json (~> 1.0)
      net-scp (~> 1.0.4)
      net-ssh (>= 2.1.3)
      nokogiri (~> 1.5.0)
      ruby-hmac
    font-awesome-rails (3.0.2.0)
      railties (>= 3.1)
    foreman (0.47.0)
      thor (>= 0.13.6)
    formatador (0.2.3)
    google_visualr (2.1.2)
    haml (3.1.7)
    hashr (0.0.22)
    highrise (3.0.3)
      activeresource (~> 3.0)
    hike (1.2.1)
    hirb (0.6.2)
    htmlentities (4.3.1)
    httparty (0.8.3)
      multi_json (~> 1.0)
      multi_xml
    httpclient (2.2.5)
    i18n (0.6.1)
    impressionist (1.1.1)
      httpclient (~> 2.2)
      nokogiri (~> 1.5)
    journey (1.0.4)
    jqcloud-rails (1.0.0)
      jquery-rails
    jquery-rails (2.0.2)
      railties (>= 3.2.0, < 5.0)
      thor (~> 0.14)
    json (1.7.6)
    jwt (0.1.5)
      multi_json (>= 1.0)
    less (2.2.1)
      commonjs (~> 0.2.6)
    less-rails (2.2.3)
      actionpack (>= 3.1)
      less (~> 2.2.0)
    libv8 (3.3.10.4)
    mail (2.4.4)
      i18n (>= 0.4.0)
      mime-types (~> 1.16)
      treetop (~> 1.4.8)
    marginalia (1.1.0)
      actionpack (>= 2.3, < 3.3)
      activerecord (>= 2.3, < 3.3)
    meta_request (0.2.1)
      rack-contrib
      rails
    mime-types (1.18)
    mini_magick (3.4)
      subexec (~> 0.2.1)
    mobile-fu (1.1.0)
      rack-mobile-detect
      rails
    multi_json (1.5.0)
    multi_xml (0.5.1)
    net-scp (1.0.4)
      net-ssh (>= 1.99.1)
    net-ssh (2.5.2)
    newrelic_rpm (3.5.7.59)
    nokogiri (1.5.4)
    open4 (1.3.0)
    orm_adapter (0.4.0)
    paper_trail (2.6.3)
      activerecord (~> 3.0)
      railties (~> 3.0)
    paperclip (3.0.2)
      activemodel (>= 3.0.0)
      activerecord (>= 3.0.0)
      activesupport (>= 3.0.0)
      cocaine (>= 0.0.2)
      mime-types
    pg (0.13.2)
    polyglot (0.3.3)
    rack (1.4.4)
    rack-cache (1.2)
      rack (>= 0.4)
    rack-contrib (1.1.0)
      rack (>= 0.9.1)
    rack-mobile-detect (0.4.0)
      rack
    rack-protection (1.2.0)
      rack
    rack-ssl (1.3.3)
      rack
    rack-test (0.6.2)
      rack (>= 1.0)
    rails (3.2.1)
      actionmailer (= 3.2.1)
      actionpack (= 3.2.1)
      activerecord (= 3.2.1)
      activeresource (= 3.2.1)
      activesupport (= 3.2.1)
      bundler (~> 1.0)
      railties (= 3.2.1)
    rails-footnotes (3.7.8)
      rails (>= 3.0.0)
    railties (3.2.1)
      actionpack (= 3.2.1)
      activesupport (= 3.2.1)
      rack-ssl (~> 1.3.2)
      rake (>= 0.8.7)
      rdoc (~> 3.4)
      thor (~> 0.14.6)
    rake (10.0.3)
    rdoc (3.12)
      json (~> 1.4)
    redactor-rails (0.3.3)
      devise
      mime-types
      orm_adapter
    redcarpet (2.1.1)
    rest-client (1.6.1)
      mime-types (>= 1.16)
    rmagick (2.13.1)
    ruby-hmac (0.4.0)
    sass (3.1.19)
    sass-rails (3.2.5)
      railties (~> 3.2.0)
      sass (>= 3.1.10)
      tilt (~> 1.3)
    sinatra (1.3.3)
      rack (~> 1.3, >= 1.3.6)
      rack-protection (~> 1.2)
      tilt (~> 1.3, >= 1.3.3)
    sprockets (2.1.3)
      hike (~> 1.2)
      rack (~> 1.0)
      tilt (~> 1.1, != 1.3.0)
    subexec (0.2.2)
    therubyracer (0.10.1)
      libv8 (~> 3.3.10)
    thin (1.3.1)
      daemons (>= 1.0.9)
      eventmachine (>= 0.12.6)
      rack (>= 1.0.0)
    thor (0.14.6)
    tilt (1.3.3)
    tire (0.5.0)
      activemodel (>= 3.0)
      hashr (~> 0.0.19)
      multi_json (~> 1.0)
      rake
      rest-client (~> 1.6)
    treetop (1.4.10)
      polyglot
      polyglot (>= 0.3.1)
    truncate_html (0.5.5)
    twilio-ruby (3.8.0)
      builder (>= 2.1.2)
      jwt (>= 0.1.2)
      multi_json (>= 1.3.0)
    twitter-bootstrap-rails (2.1.0)
      actionpack (>= 3.1)
      less-rails (~> 2.2.2)
      railties (>= 3.1)
      therubyracer (~> 0.10.1)
    tzinfo (0.3.33)
    uglifier (1.2.5)
      execjs (>= 0.3.0)
      multi_json (~> 1.3)
    warden (1.2.1)
      rack (>= 1.0)
    yui-compressor (0.9.6)
      POpen4 (>= 0.1.4)

PLATFORMS
  ruby

DEPENDENCIES
  acts-as-taggable-on
  acts_as_list
  bcrypt-ruby (~> 3.0.0)
  bcurren-freshbooks.rb!
  better_errors
  binding_of_caller
  browser
  cancan
  carrierwave
  chargify_api_ares
  coffee-rails (~> 3.2.1)
  crocodoc
  dalli
  delayed_job_active_record
  delayed_job_web
  doc_raptor
  fog (~> 1.3.1)
  font-awesome-rails
  foreman
  google_visualr
  highrise
  hirb
  htmlentities
  impressionist
  jqcloud-rails
  jquery-rails
  marginalia
  meta_request
  mini_magick
  mobile-fu
  newrelic_rpm
  nokogiri
  paper_trail
  paperclip
  pg
  rails (= 3.2.1)
  rails-footnotes
  redactor-rails
  redcarpet
  rmagick
  sass-rails (~> 3.2.3)
  sinatra (>= 1.3.0)
  therubyracer
  thin
  tire
  truncate_html
  twilio-ruby
  twitter-bootstrap-rails
  uglifier (>= 1.0.3)
  wiky!
  yui-compressor
